GIT
  remote: git://github.com/Mapotempo/leaflet-control-geocoder-rails.git
  revision: fb49d6e2259bca79f397486236ec6f414ab6451e
  specs:
    leaflet-control-geocoder-rails (1.0.0.3)

GIT
  remote: git://github.com/Mapotempo/leaflet-controlledbounds-rails.git
  revision: cfe7e1688b05fe6f8314331c791e4412276b253f
  specs:
    leaflet-controlledbounds-rails (0.0.1)

GIT
  remote: git://github.com/Mapotempo/leaflet-encoded-rails.git
  revision: 16bca35c05dc318a432704d0b447852912ece805
  specs:
    leaflet-encoded-rails (0.1.0)

GIT
  remote: git://github.com/Mapotempo/leaflet-markercluster-rails.git
  revision: 29942b66b7d11d2acffcf6aed37d020fb3c8c904
  specs:
    leaflet-markercluster-rails (1.0.4)
      railties (>= 3.1)

GIT
  remote: git://github.com/Mapotempo/leaflet-pattern-rails.git
  revision: 8d33d456168bd4a8fcd42d56cd14718e81ac1b72
  specs:
    leaflet-pattern-rails (0.0.2)

GIT
  remote: git://github.com/Mapotempo/leaflet-responsive-popup-rails.git
  revision: 1166f3b893faa52a3157a5c3925533efb75248d5
  specs:
    leaflet-responsive-popup-rails (0.2.0.0)

GIT
  remote: git://github.com/Mapotempo/mapotempo_web_by_time_distance.git
  revision: a79653124b64d5ae50780058627de55b1581dd39
  specs:
    mapotempo_web_by_time_distance (0.0.1)

GIT
  remote: git://github.com/Mapotempo/mapotempo_web_import_vehicle_store.git
  revision: 32be1a5f1c28b0b09e7ea14c662951e8307af956
  specs:
    mapotempo_web_import_vehicle_store (0.0.1)

GIT
  remote: git://github.com/Mapotempo/paloma.git
  revision: 25cbba9f33c7b36f4f4878035ae53541a0036ee9
  specs:
    paloma (5.0.0)

GIT
  remote: git://github.com/Mapotempo/sidebar-v2-gh-pages-rails.git
  revision: 11f7717f4eca02b4be4567142d2df6e0274c8fc1
  specs:
    sidebar-v2-gh-pages-rails (0.0.1)

GIT
  remote: git://github.com/Mapotempo/twitter_bootstrap_form_for.git
  revision: 5ec6e134eda8742009310d58f80adb88de3de56e
  specs:
    twitter_bootstrap_form_for (2.0.0.beta)
      actionpack (~> 4)
      railties (~> 4)

GIT
  remote: git://github.com/frodrigo/jquery-timeentry-rails.git
  revision: ccecc885d334b772d065bb722e2d4528a9f9a40c
  specs:
    jquery-timeentry-rails (1.5.2)
      railties (>= 3.1.0)

GIT
  remote: git://github.com/frodrigo/leaflet-draw-rails.git
  revision: edef878c8ada3daf04e93fe0af0914708f3bc789
  specs:
    leaflet-draw-rails (0.4.9.0)

GIT
  remote: git://github.com/frodrigo/leaflet-hash-rails.git
  revision: 4e9cc190e5a6811f5dab872a4d0a2506713ffcfe
  specs:
    leaflet-hash-rails (1.0.1)
      railties (>= 3.1.0)

GIT
  remote: git://github.com/frodrigo/leaflet_numbered_markers-rails.git
  revision: 1f88c5329c3d5a4c866ceb4f7100a96a2a71a51a
  specs:
    leaflet_numbered_markers-rails (0.0.1)

GIT
  remote: git://github.com/moneyadviceservice/tidy-html5-gem.git
  revision: 030371e0190a3f42a3fa0aa165942c273194de5b
  specs:
    tidy-html5 (0.1.2)

GIT
  remote: git://github.com/ngonzalez/pnotify-rails.git
  revision: 614bdbbf98ed3fa5a4ecf6df34b5c2223eb31e8e
  branch: remove-materials-css
  specs:
    pnotify-rails (3.0.0)

GIT
  remote: git://github.com/seyhunak/twitter-bootstrap-rails.git
  revision: d3776ddd0b89d28fdebfd6e1c1541348cc90e5cc
  ref: d3776ddd0b89d28fdebfd6e1c1541348cc90e5cc
  specs:
    twitter-bootstrap-rails (3.2.2)
      actionpack (>= 3.1)
      execjs (>= 2.2.2, >= 2.2)
      less-rails (>= 2.5.0)
      railties (>= 3.1)

GEM
  remote: https://rubygems.org/
  specs:
    actionmailer (4.2.10)
      actionpack (= 4.2.10)
      actionview (= 4.2.10)
      activejob (= 4.2.10)
      mail (~> 2.5, >= 2.5.4)
      rails-dom-testing (~> 1.0, >= 1.0.5)
    actionpack (4.2.10)
      actionview (= 4.2.10)
      activesupport (= 4.2.10)
      rack (~> 1.6)
      rack-test (~> 0.6.2)
      rails-dom-testing (~> 1.0, >= 1.0.5)
      rails-html-sanitizer (~> 1.0, >= 1.0.2)
    actionview (4.2.10)
      activesupport (= 4.2.10)
      builder (~> 3.1)
      erubis (~> 2.7.0)
      rails-dom-testing (~> 1.0, >= 1.0.5)
      rails-html-sanitizer (~> 1.0, >= 1.0.3)
    activejob (4.2.10)
      activesupport (= 4.2.10)
      globalid (>= 0.3.0)
    activemodel (4.2.10)
      activesupport (= 4.2.10)
      builder (~> 3.1)
    activerecord (4.2.10)
      activemodel (= 4.2.10)
      activesupport (= 4.2.10)
      arel (~> 6.0)
    activerecord-import (0.18.3)
      activerecord (>= 3.2)
    activesupport (4.2.10)
      i18n (~> 0.7)
      minitest (~> 5.1)
      thread_safe (~> 0.3, >= 0.3.4)
      tzinfo (~> 1.1)
    addressable (2.5.1)
      public_suffix (~> 2.0, >= 2.0.2)
    ai4r (1.13)
    akami (1.3.1)
      gyoku (>= 0.4.0)
      nokogiri
    amoeba (3.1.0)
      activerecord (>= 3.2.6)
    archive-zip (0.7.0)
      io-like (~> 0.3.0)
    arel (6.0.4)
    ast (2.3.0)
    auto_strip_attributes (2.1.0)
      activerecord (>= 3.0)
    awesome_print (1.7.0)
    axiom-types (0.1.1)
      descendants_tracker (~> 0.0.4)
      ice_nine (~> 0.11.0)
      thread_safe (~> 0.3, >= 0.3.1)
    barby (0.6.5)
    bcrypt (3.1.11)
    better_errors (2.1.1)
      coderay (>= 1.0.0)
      erubis (>= 2.6.6)
      rack (>= 0.9.0)
    binding_of_caller (0.7.2)
      debug_inspector (>= 0.0.1)
    bootstrap-datepicker-rails (1.6.4.1)
      railties (>= 3.0)
    bootstrap-filestyle-rails (1.2.1)
    bootstrap-select-rails (1.12.1)
    bootstrap-slider-rails (9.8.0)
      railties (>= 3.2, < 6.0)
    bootstrap-wysihtml5-rails (0.3.3.8)
      railties (>= 3.0)
    brakeman (3.6.1)
    browser (2.4.0)
    builder (3.2.3)
    bullet (5.5.1)
      activesupport (>= 3.0.0)
      uniform_notifier (~> 1.10.0)
    byebug (9.0.6)
    cancancan (1.16.0)
    capybara (2.15.4)
      addressable
      mini_mime (>= 0.1.3)
      nokogiri (>= 1.3.3)
      rack (>= 1.0.0)
      rack-test (>= 0.5.4)
      xpath (~> 2.0)
    carrierwave (1.1.0)
      activemodel (>= 4.0.0)
      activesupport (>= 4.0.0)
      mime-types (>= 1.16)
    charlock_holmes (0.7.3)
    childprocess (0.8.0)
      ffi (~> 1.0, >= 1.0.11)
    chromedriver-helper (1.1.0)
      archive-zip (~> 0.7.0)
      nokogiri (~> 1.6)
    chronic_duration (0.10.6)
      numerizer (~> 0.1.1)
    coderay (1.1.1)
    coercible (1.0.0)
      descendants_tracker (~> 0.0.1)
    coffee-rails (4.2.1)
      coffee-script (>= 2.2.0)
      railties (>= 4.0.0, < 5.2.x)
    coffee-script (2.4.1)
      coffee-script-source
      execjs
    coffee-script-source (1.12.2)
    color (1.8)
    commonjs (0.2.7)
    concurrent-ruby (1.0.5)
    crack (0.4.3)
      safe_yaml (~> 1.0.0)
    crass (1.0.3)
    css_parser (1.5.0)
      addressable
    daemons (1.2.4)
    debug_inspector (0.0.3)
    delayed_job (4.1.2)
      activesupport (>= 3.0, < 5.1)
    delayed_job_active_record (4.1.1)
      activerecord (>= 3.0, < 5.1)
      delayed_job (>= 3.0, < 5)
    descendants_tracker (0.0.4)
      thread_safe (~> 0.3, >= 0.3.1)
    devise (4.3.0)
      bcrypt (~> 3.0)
      orm_adapter (~> 0.1)
      railties (>= 4.1.0, < 5.2)
      responders
      warden (~> 1.2.3)
    devise-i18n (1.1.2)
    devise-i18n-views (0.3.7)
    diff-lcs (1.3)
    docile (1.1.5)
    domain_name (0.5.20170404)
      unf (>= 0.0.5, < 1.0.0)
    easy_translate (0.5.0)
      json
      thread
      thread_safe
    equalizer (0.0.11)
    erubis (2.7.0)
    execjs (2.7.0)
    ffi (1.9.18)
    figaro (1.1.1)
      thor (~> 0.14)
    font-awesome-rails (4.7.0.2)
      railties (>= 3.2, < 5.2)
    formatador (0.2.5)
    globalid (0.4.1)
      activesupport (>= 4.2.0)
    grape (0.19.1)
      activesupport
      builder
      hashie (>= 2.1.0)
      multi_json (>= 1.3.2)
      multi_xml (>= 0.5.2)
      mustermann-grape (~> 0.4.0)
      rack (>= 1.3.0)
      rack-accept
      virtus (>= 1.0.0)
    grape-entity (0.6.0)
      activesupport
      multi_json (>= 1.3.2)
    grape-swagger (0.25.3)
      grape (>= 0.12.0)
    grape-swagger-entity (0.1.5)
      grape-entity
      grape-swagger (>= 0.20.4)
    guard (2.14.1)
      formatador (>= 0.2.4)
      listen (>= 2.7, < 4.0)
      lumberjack (~> 1.0)
      nenv (~> 0.1)
      notiffany (~> 0.0)
      pry (>= 0.9.12)
      shellany (~> 0.0)
      thor (>= 0.18.1)
    guard-compat (1.2.1)
    guard-delayed (0.3.2)
      delayed_job (~> 4)
      guard (~> 2.1)
      guard-compat (~> 1.1)
    guard-migrate (2.0.0)
      activerecord (>= 4.1.0)
      guard (~> 2.3)
      guard-compat (~> 1.1)
    guard-process (1.2.1)
      guard-compat (~> 1.2, >= 1.2.1)
      spoon (~> 0.0.1)
    guard-rails (0.8.0)
      guard (~> 2.11)
      guard-compat (~> 1.0)
    guard-rake (1.0.0)
      guard
      rake
    gyoku (1.3.1)
      builder (>= 2.1.2)
    hashdiff (0.3.4)
    hashie (3.5.5)
    highline (1.7.8)
    html_validation (1.1.3)
    htmlentities (4.3.4)
    http-cookie (1.0.3)
      domain_name (~> 0.5)
    http_accept_language (2.1.0)
    httpi (2.4.2)
      rack
      socksify
    i18n (0.9.1)
      concurrent-ruby (~> 1.0)
    i18n-js (3.0.0)
      i18n (~> 0.6, >= 0.6.6)
    i18n-tasks (0.9.15)
      activesupport (>= 4.0.2)
      ast (>= 2.1.0)
      easy_translate (>= 0.5.0)
      erubis
      highline (>= 1.7.3)
      i18n
      parser (>= 2.2.3.0)
      rainbow (~> 2.2)
      terminal-table (>= 1.5.1)
    icalendar (2.4.1)
    ice_nine (0.11.2)
    iconv (1.0.4)
    io-like (0.3.0)
    iso_country_codes (0.7.8)
    jbuilder (2.6.4)
      activesupport (>= 3.0.0)
      multi_json (>= 1.2)
    jquery-rails (4.3.1)
      rails-dom-testing (>= 1, < 3)
      railties (>= 4.2.0)
      thor (>= 0.14, < 2.0)
    jquery-simplecolorpicker-rails (0.5.0)
      railties (>= 3.1.0)
    jquery-tablesorter (1.21.1)
      railties (>= 3.2, < 6)
    jquery-turbolinks (2.1.0)
      railties (>= 3.1.0)
      turbolinks
    jquery-ui-rails (5.0.5)
      railties (>= 3.2.16)
    json (1.8.6)
    jwt (2.1.0)
    launchy (2.4.3)
      addressable (~> 2.3)
    leaflet-rails (1.0.3)
      rails (>= 4.2.0)
    less (2.6.0)
      commonjs (~> 0.2.7)
    less-rails (2.8.0)
      actionpack (>= 4.0)
      less (~> 2.6.0)
      sprockets (> 2, < 4)
      tilt
    letter_opener (1.4.1)
      launchy (~> 2.2)
    letter_opener_web (1.3.1)
      actionmailer (>= 3.2)
      letter_opener (~> 1.0)
      railties (>= 3.2)
    libnotify (0.9.3)
      ffi (>= 1.0.11)
    libv8 (3.16.14.19)
    listen (3.1.5)
      rb-fsevent (~> 0.9, >= 0.9.4)
      rb-inotify (~> 0.9, >= 0.9.7)
      ruby_dep (~> 1.2)
    lograge (0.5.1)
      actionpack (>= 4, < 5.2)
      activesupport (>= 4, < 5.2)
      railties (>= 4, < 5.2)
    loofah (2.1.1)
      crass (~> 1.0.2)
      nokogiri (>= 1.5.9)
    lumberjack (1.0.12)
    macaddr (1.7.1)
      systemu (~> 2.6.2)
    mail (2.5.5)
      mime-types (~> 1.16)
      treetop (~> 1.4.8)
    method_source (0.8.2)
    mime-types (1.25.1)
    mini_mime (0.1.4)
    mini_portile2 (2.3.0)
    minitest (5.11.1)
    minitest-around (0.4.0)
      minitest (~> 5.0)
    minitest-focus (1.1.2)
      minitest (>= 4, < 6)
    minitest-stub_any_instance (1.0.1)
    multi_json (1.12.1)
    multi_xml (0.6.0)
    mustache (1.0.5)
    mustermann (0.4.0)
      tool (~> 0.2)
    mustermann-grape (0.4.0)
      mustermann (= 0.4.0)
    nenv (0.3.0)
    netrc (0.11.0)
    nexmo (5.0.0)
      jwt
    nilify_blanks (1.2.1)
      activerecord (>= 3.0.0)
      activesupport (>= 3.0.0)
    nokogiri (1.8.1)
      mini_portile2 (~> 2.3.0)
    nokogumbo (1.4.10)
      nokogiri
    nori (2.6.0)
    notiffany (0.1.1)
      nenv (~> 0.1)
      shellany (~> 0.0)
    numerizer (0.1.1)
    orm_adapter (0.5.0)
    parser (2.4.0.0)
      ast (~> 2.2)
    pg (0.20.0)
    phonelib (0.6.18)
    polyglot (0.3.5)
    polylines (0.3.0)
    powerpack (0.1.1)
    premailer (1.10.4)
      addressable
      css_parser (>= 1.4.10)
      htmlentities (>= 4.0.0)
    premailer-rails (1.9.7)
      actionmailer (>= 3, < 6)
      premailer (~> 1.7, >= 1.7.9)
    pry (0.10.4)
      coderay (~> 1.1.0)
      method_source (~> 0.8.1)
      slop (~> 3.4)
    pry-rails (0.3.6)
      pry (>= 0.10.4)
    public_suffix (2.0.5)
    puma (3.9.1)
    rack (1.6.8)
    rack-accept (0.4.5)
      rack (>= 0.4)
    rack-cors (0.4.1)
    rack-test (0.6.3)
      rack (>= 1.0)
    rails (4.2.10)
      actionmailer (= 4.2.10)
      actionpack (= 4.2.10)
      actionview (= 4.2.10)
      activejob (= 4.2.10)
      activemodel (= 4.2.10)
      activerecord (= 4.2.10)
      activesupport (= 4.2.10)
      bundler (>= 1.3.0, < 2.0)
      railties (= 4.2.10)
      sprockets-rails
    rails-deprecated_sanitizer (1.0.3)
      activesupport (>= 4.2.0.alpha)
    rails-dom-testing (1.0.9)
      activesupport (>= 4.2.0, < 5.0)
      nokogiri (~> 1.6)
      rails-deprecated_sanitizer (>= 1.0.1)
    rails-html-sanitizer (1.0.3)
      loofah (~> 2.0)
    rails-i18n (4.0.9)
      i18n (~> 0.7)
      railties (~> 4.0)
    rails_12factor (0.0.3)
      rails_serve_static_assets
      rails_stdout_logging
    rails_engine_decorators (1.0.0)
      railties (>= 3.2.8)
    rails_serve_static_assets (0.0.5)
    rails_stdout_logging (0.0.5)
    railties (4.2.10)
      actionpack (= 4.2.10)
      activesupport (= 4.2.10)
      rake (>= 0.8.7)
      thor (>= 0.18.1, < 2.0)
    rainbow (2.2.2)
      rake
    rake (12.2.1)
    rb-fsevent (0.9.8)
    rb-inotify (0.9.8)
      ffi (>= 0.5.0)
    rdoc (4.3.0)
    redis (3.3.5)
    redis-actionpack (5.0.2)
      actionpack (>= 4.0, < 6)
      redis-rack (>= 1, < 3)
      redis-store (>= 1.1.0, < 2)
    redis-activesupport (5.0.4)
      activesupport (>= 3, < 6)
      redis-store (>= 1.3, < 2)
    redis-rack (2.0.4)
      rack (>= 1.5, < 3)
      redis-store (>= 1.2, < 2)
    redis-rails (5.0.2)
      redis-actionpack (>= 5.0, < 6)
      redis-activesupport (>= 5.0, < 6)
      redis-store (>= 1.2, < 2)
    redis-store (1.4.1)
      redis (>= 2.2, < 5)
    ref (2.0.0)
    responders (2.4.0)
      actionpack (>= 4.2.0, < 5.3)
      railties (>= 4.2.0, < 5.3)
    rest-client (2.0.2)
      http-cookie (>= 1.0.2, < 2.0)
      mime-types (>= 1.16, < 4.0)
      netrc (~> 0.8)
    rgeo (0.6.0)
    rgeo-geojson (0.4.3)
      rgeo (~> 0.5)
    rspec-core (3.6.0)
      rspec-support (~> 3.6.0)
    rspec-expectations (3.6.0)
      diff-lcs (>= 1.2.0, < 2.0)
      rspec-support (~> 3.6.0)
    rspec-mocks (3.6.0)
      diff-lcs (>= 1.2.0, < 2.0)
      rspec-support (~> 3.6.0)
    rspec-rails (3.6.0)
      actionpack (>= 3.0)
      activesupport (>= 3.0)
      railties (>= 3.0)
      rspec-core (~> 3.6.0)
      rspec-expectations (~> 3.6.0)
      rspec-mocks (~> 3.6.0)
      rspec-support (~> 3.6.0)
    rspec-support (3.6.0)
    rubocop (0.48.1)
      parser (>= 2.3.3.1, < 3.0)
      powerpack (~> 0.1)
      rainbow (>= 1.99.1, < 3.0)
      ruby-progressbar (~> 1.7)
      unicode-display_width (~> 1.0, >= 1.0.1)
    ruby-progressbar (1.8.1)
    ruby_dep (1.5.0)
    rubyzip (1.2.1)
    safe_yaml (1.0.4)
    sanitize (4.4.0)
      crass (~> 1.0.2)
      nokogiri (>= 1.4.4)
      nokogumbo (~> 1.4.1)
    sass (3.4.23)
    sass-rails (5.0.6)
      railties (>= 4.0.0, < 6)
      sass (~> 3.1)
      sprockets (>= 2.8, < 4.0)
      sprockets-rails (>= 2.0, < 4.0)
      tilt (>= 1.1, < 3)
    savon (2.11.1)
      akami (~> 1.2)
      builder (>= 2.1.2)
      gyoku (~> 1.2)
      httpi (~> 2.3)
      nokogiri (>= 1.4.0)
      nori (~> 2.4)
      wasabi (~> 3.4)
    savon-multipart (2.0.2)
      mail (~> 2.5.4)
      savon (~> 2)
    sdoc (0.4.2)
      json (~> 1.7, >= 1.7.7)
      rdoc (~> 4.0)
    select2-rails (4.0.0)
      thor (~> 0.14)
    selenium-webdriver (3.7.0)
      childprocess (~> 0.5)
      rubyzip (~> 1.0)
    shellany (0.0.1)
    sim_annealing (0.0.2)
    simplecov (0.14.1)
      docile (~> 1.1.0)
      json (>= 1.8, < 3)
      simplecov-html (~> 0.10.0)
    simplecov-html (0.10.0)
    slop (3.6.0)
    smt_rails (0.2.9)
      mustache (>= 0.99.4)
      rails (>= 3.1.0)
      sprockets (>= 2.0.3)
      tilt (>= 1.3.3)
    socksify (1.7.1)
    spoon (0.0.6)
      ffi
    spring (2.0.1)
      activesupport (>= 4.2)
    sprockets (3.7.1)
      concurrent-ruby (~> 1.0)
      rack (> 1, < 3)
    sprockets-rails (3.2.1)
      actionpack (>= 4.0)
      activesupport (>= 4.0)
      sprockets (>= 3.0.0)
    swagger-docs (0.2.9)
      activesupport (>= 3)
      rails (>= 3)
    systemu (2.6.5)
    terminal-table (1.8.0)
      unicode-display_width (~> 1.1, >= 1.1.1)
    therubyracer (0.12.3)
      libv8 (~> 3.16.14.15)
      ref
    thor (0.20.0)
    thread (0.2.2)
    thread_safe (0.3.6)
    tilt (2.0.7)
    timeliness (0.3.8)
    tool (0.2.3)
    treetop (1.4.15)
      polyglot
      polyglot (>= 0.3.1)
    turbolinks (2.5.3)
      coffee-rails
    tzinfo (1.2.4)
      thread_safe (~> 0.1)
    uglifier (3.2.0)
      execjs (>= 0.3.0, < 3)
    unf (0.1.4)
      unf_ext
    unf_ext (0.0.7.4)
    unicode-display_width (1.2.1)
    uniform_notifier (1.10.0)
    validates_timeliness (4.0.2)
      timeliness (~> 0.3.7)
    virtus (1.0.5)
      axiom-types (~> 0.1)
      coercible (~> 1.0)
      descendants_tracker (~> 0.0, >= 0.0.3)
      equalizer (~> 0.0, >= 0.0.9)
    warden (1.2.7)
      rack (>= 1.0)
    wasabi (3.5.0)
      httpi (~> 2.0)
      nokogiri (>= 1.4.2)
    web-console (2.3.0)
      activemodel (>= 4.0)
      binding_of_caller (>= 0.7.2)
      railties (>= 4.0)
      sprockets-rails (>= 2.0, < 4.0)
    webmock (3.0.1)
      addressable (>= 2.3.6)
      crack (>= 0.3.2)
      hashdiff
    xpath (2.1.0)
      nokogiri (~> 1.3)

PLATFORMS
  ruby

DEPENDENCIES
  activerecord-import
  addressable
  ai4r
  amoeba
  auto_strip_attributes
  awesome_print
  barby
  better_errors
  binding_of_caller
  bootstrap-datepicker-rails
  bootstrap-filestyle-rails
  bootstrap-select-rails
  bootstrap-slider-rails
  bootstrap-wysihtml5-rails
  brakeman
  browser
  bullet
  byebug
  cancancan
  capybara
  carrierwave
  charlock_holmes
  chromedriver-helper
  chronic_duration
  coffee-rails
  color
  daemons
  delayed_job
  delayed_job_active_record
  devise
  devise-i18n
  devise-i18n-views
  execjs
  figaro
  font-awesome-rails
  grape (< 0.19.2)
  grape-entity
  grape-swagger (< 0.26)
  grape-swagger-entity
  guard
  guard-delayed
  guard-migrate
  guard-process
  guard-rails
  guard-rake
  html_validation
  http_accept_language
  i18n-js
  i18n-tasks
  icalendar
  iconv
  iso_country_codes
  jbuilder
  jquery-rails
  jquery-simplecolorpicker-rails
  jquery-tablesorter (< 1.21.2)
  jquery-timeentry-rails!
  jquery-turbolinks
  jquery-ui-rails (< 6)
  leaflet-control-geocoder-rails!
  leaflet-controlledbounds-rails!
  leaflet-draw-rails!
  leaflet-encoded-rails!
  leaflet-hash-rails!
  leaflet-markercluster-rails!
  leaflet-pattern-rails!
  leaflet-rails (> 1.0.2)
  leaflet-responsive-popup-rails!
  leaflet_numbered_markers-rails!
  letter_opener_web
  libnotify
  lograge
  macaddr
  mapotempo_web_by_time_distance!
  mapotempo_web_import_vehicle_store!
  minitest-around
  minitest-focus
  minitest-stub_any_instance
  mustache
  nexmo
  nilify_blanks
  nokogiri
  paloma!
  pg
  phonelib
  pnotify-rails!
  polylines
  premailer-rails
  pry-rails
  puma
  rack-cors
  rails (~> 4.2)
  rails-i18n
  rails_12factor
  rails_engine_decorators
  rake
  redis (< 4)
  redis-rails
  redis-store (~> 1.4.1)
  rest-client
  rgeo
  rgeo-geojson
  rspec-rails
  rubocop
  rubyzip
  sanitize
  sass-rails (~> 5)
  savon
  savon-multipart (~> 2.0.2)
  sdoc (~> 0.4)
  select2-rails (= 4.0.0)
  selenium-webdriver
  sidebar-v2-gh-pages-rails!
  sim_annealing
  simplecov
  smt_rails (= 0.2.9)
  spring
  sprockets
  swagger-docs
  therubyracer
  tidy-html5!
  turbolinks (< 5)
  twitter-bootstrap-rails!
  twitter_bootstrap_form_for!
  uglifier
  validates_timeliness
  web-console (~> 2)
  webmock

BUNDLED WITH
   1.16.0
